GEM
  remote: https://rubygems.org/
  specs:
    bouncy-castle-java (1.5.0147)
    jruby-jars (1.7.2)
    jruby-openssl (0.8.7)
      bouncy-castle-java (>= 1.5.0147)
    jruby-rack (1.1.13.2)
    rake (10.0.4)
    rubyzip (0.9.9)
    warbler (1.3.6)
      jruby-jars (>= 1.4.0)
      jruby-rack (>= 1.0.0)
      rake (>= 0.8.7)
      rubyzip (>= 0.9.4)

PLATFORMS
  java

DEPENDENCIES
  bundler
  jruby-jars (= 1.7.2)
  jruby-openssl
  warbler
